PATH
  remote: .
  specs:
    amqp_mailer (0.2.4)
      bunny (>= 2.6.3)

GEM
  remote: https://rubygems.org/
  specs:
    amq-protocol (2.2.0)
    bunny (2.7.4)
      amq-protocol (~> 2.2.0)
    coderay (1.1.2)
    date (3.3.3)
    diff-lcs (1.3)
    mail (2.8.1)
      mini_mime (>= 0.1.1)
      net-imap
      net-pop
      net-smtp
    method_source (0.9.0)
    mini_mime (1.1.2)
    net-imap (0.3.7)
      date
      net-protocol
    net-pop (0.1.2)
      net-protocol
    net-protocol (0.2.1)
      timeout
    net-smtp (0.3.3)
      net-protocol
    pry (0.11.3)
      coderay (~> 1.1.0)
      method_source (~> 0.9.0)
    rake (13.0.1)
    rspec (3.7.0)
      rspec-core (~> 3.7.0)
      rspec-expectations (~> 3.7.0)
      rspec-mocks (~> 3.7.0)
    rspec-core (3.7.0)
      rspec-support (~> 3.7.0)
    rspec-expectations (3.7.0)
      diff-lcs (>= 1.2.0, < 2.0)
      rspec-support (~> 3.7.0)
    rspec-mocks (3.7.0)
      diff-lcs (>= 1.2.0, < 2.0)
      rspec-support (~> 3.7.0)
    rspec-support (3.7.0)
    timeout (0.4.0)

PLATFORMS
  ruby

DEPENDENCIES
  amqp_mailer!
  bundler (~> 1.16)
  mail (~> 2.8.1)
  pry
  rake (~> 13.0)
  rspec (~> 3.7)

BUNDLED WITH
   1.17.3
